PATH
  remote: .
  specs:
    rack-proxy (0.6.5)
      rack

GEM
  remote: http://rubygems.org/
  specs:
    power_assert (1.2.0)
    rack (2.2.3)
    rack-test (1.1.0)
      rack (>= 1.0, < 3)
    rake (13.0.1)
    test-unit (3.3.6)
      power_assert

PLATFORMS
  ruby

DEPENDENCIES
  rack-proxy!
  rack-test
  rake
  test-unit

BUNDLED WITH
   2.1.4
